ObjectType = Image
NDims = 3
BinaryData = True
BinaryDataByteOrderMSB = False
CompressedData = False
TransformMatrix = 1 0 0 0 1 0 0 0 1
Offset = 0 0 0
CenterOfRotation = 0 0 0
AnatomicalOrientation = RAI
ElementSpacing = 1 1 1
DimSize = 256 256 256
ElementNumberOfChannels = 3
ElementType = MET_UCHAR
ElementDataFile = ViT_Blocks_256_500x200x10_768_8_8.raw
